GIT
  remote: https://github.com/alepore/frinkiac.git
  revision: 06c6d6967ebfa9fb72eb3098d6fa3212ca356599
  branch: loose-deps
  specs:
    frinkiac (0.0.5)
      faraday (< 2)
      json
      word_wrap (~> 1.0.0)

GIT
  remote: https://github.com/mikel/mail.git
  revision: 8fbb17d4d5364c77cc870769d451bc2739b3a8ce
  specs:
    mail (2.8.0.edge)
      mini_mime (>= 0.1.1)

GEM
  remote: https://rubygems.org/
  specs:
    activesupport (6.1.4.1)
      concurrent-ruby (~> 1.0, >= 1.0.2)
      i18n (>= 1.6, < 2)
      minitest (>= 5.1)
      tzinfo (~> 2.0)
      zeitwerk (~> 2.3)
    addressable (2.8.1)
      public_suffix (>= 2.0.2, < 6.0)
    ansi (1.5.0)
    axiom-types (0.1.1)
      descendants_tracker (~> 0.0.4)
      ice_nine (~> 0.11.0)
      thread_safe (~> 0.3, >= 0.3.1)
    benchmark-ips (2.8.3)
    builder (3.2.4)
    coercible (1.0.0)
      descendants_tracker (~> 0.0.1)
    concurrent-ruby (1.1.8)
    connection_pool (2.3.0)
    crack (0.4.4)
    crass (1.0.6)
    declarative (0.0.20)
    derailed_benchmarks (1.8.1)
      benchmark-ips (~> 2)
      get_process_mem (~> 0)
      heapy (~> 0)
      memory_profiler (~> 0)
      mini_histogram (>= 0.2.1)
      rack (>= 1)
      rake (> 10, < 14)
      ruby-statistics (>= 2.1)
      thor (>= 0.19, < 2)
    descendants_tracker (0.0.4)
      thread_safe (~> 0.3, >= 0.3.1)
    dotenv (2.1.2)
    dry-container (0.11.0)
      concurrent-ruby (~> 1.0)
    dry-core (0.8.1)
      concurrent-ruby (~> 1.0)
    dry-inflector (0.3.0)
    dry-logic (1.2.0)
      concurrent-ruby (~> 1.0)
      dry-core (~> 0.5, >= 0.5)
    dry-struct (1.4.0)
      dry-core (~> 0.5, >= 0.5)
      dry-types (~> 1.5)
      ice_nine (~> 0.11)
    dry-types (1.5.1)
      concurrent-ruby (~> 1.0)
      dry-container (~> 0.3)
      dry-core (~> 0.5, >= 0.5)
      dry-inflector (~> 0.1, >= 0.1.2)
      dry-logic (~> 1.0, >= 1.0.2)
    equalizer (0.0.11)
    faraday (1.3.0)
      faraday-net_http (~> 1.0)
      multipart-post (>= 1.2, < 3)
      ruby2_keywords
    faraday-multipart (1.0.4)
      multipart-post (~> 2)
    faraday-net_http (1.0.1)
    faraday_middleware (1.2.0)
      faraday (~> 1.0)
    feedjira (3.2.2)
      loofah (>= 2.3.1)
      sax-machine (>= 1.0)
    ffi (1.13.1)
    forecast_io (2.0.2)
      faraday
      hashie
      multi_json
    gapic-common (0.7.0)
      faraday (~> 1.3)
      google-protobuf (~> 3.14)
      googleapis-common-protos (>= 1.3.11, < 2.a)
      googleapis-common-protos-types (>= 1.0.6, < 2.a)
      googleauth (>= 0.17.0, < 2.a)
      grpc (~> 1.36)
    gems (1.2.0)
    geocoder (1.6.7)
    get_process_mem (0.2.7)
      ffi (~> 1.0)
    google-api-client (0.53.0)
      google-apis-core (~> 0.1)
      google-apis-generator (~> 0.1)
    google-apis-core (0.4.1)
      addressable (~> 2.5, >= 2.5.1)
      googleauth (>= 0.16.2, < 2.a)
      httpclient (>= 2.8.1, < 3.a)
      mini_mime (~> 1.0)
      representable (~> 3.0)
      retriable (>= 2.0, < 4.a)
      rexml
      webrick
    google-apis-discovery_v1 (0.6.0)
      google-apis-core (>= 0.4, < 2.a)
    google-apis-generator (0.4.0)
      activesupport (>= 5.0)
      gems (~> 1.2)
      google-apis-core (>= 0.4, < 2.a)
      google-apis-discovery_v1 (~> 0.5)
      thor (>= 0.20, < 2.a)
    google-cloud-dialogflow-v2 (0.11.5)
      gapic-common (>= 0.7, < 2.a)
      google-cloud-errors (~> 1.0)
    google-cloud-errors (1.2.0)
    google-protobuf (3.21.9)
    googleapis-common-protos (1.3.12)
      google-protobuf (~> 3.14)
      googleapis-common-protos-types (~> 1.2)
      grpc (~> 1.27)
    googleapis-common-protos-types (1.3.0)
      google-protobuf (~> 3.14)
    googleauth (0.17.1)
      faraday (>= 0.17.3, < 2.0)
      jwt (>= 1.4, < 3.0)
      memoist (~> 0.16)
      multi_json (~> 1.11)
      os (>= 0.9, < 2.0)
      signet (~> 0.15)
    grpc (1.50.0)
      google-protobuf (~> 3.21)
      googleapis-common-protos-types (~> 1.0)
    hashdiff (1.0.1)
    hashie (4.1.0)
    heapy (0.2.0)
      thor
    holidays (8.6.0)
    httpclient (2.8.3)
    i18n (1.8.7)
      concurrent-ruby (~> 1.0)
    ice_nine (0.11.2)
    inflecto (0.0.2)
    json (2.6.2)
    jwt (2.2.3)
    loofah (2.19.0)
      crass (~> 1.0.2)
      nokogiri (>= 1.5.9)
    memoist (0.16.2)
    memory_profiler (0.9.14)
    mini_histogram (0.3.1)
    mini_mime (1.0.2)
    mini_portile2 (2.8.0)
    minitest (5.16.3)
    minitest-reporters (1.4.2)
      ansi
      builder
      minitest (>= 5.0)
      ruby-progressbar
    mocha (1.11.2)
    mock_redis (0.34.0)
      ruby2_keywords
    multi_json (1.15.0)
    multi_xml (0.6.0)
    multipart-post (2.1.1)
    mustermann (1.1.1)
      ruby2_keywords (~> 0.0.1)
    nio4r (2.5.8)
    nokogiri (1.13.9)
      mini_portile2 (~> 2.8.0)
      racc (~> 1.4)
    nori (2.6.0)
    oauth2 (2.0.9)
      faraday (>= 0.17.3, < 3.0)
      jwt (>= 1.0, < 3.0)
      multi_xml (~> 0.5)
      rack (>= 1.2, < 4)
      snaky_hash (~> 2.0)
      version_gem (~> 1.1)
    os (1.1.1)
    public_suffix (4.0.6)
    puma (4.3.12)
      nio4r (~> 2.0)
    racc (1.6.0)
    rack (2.2.4)
    rack-protection (2.2.1)
      rack
    rack-test (1.1.0)
      rack (>= 1.0, < 3)
    rake (13.0.1)
    redis (5.0.5)
      redis-client (>= 0.9.0)
    redis-client (0.11.1)
      connection_pool
    representable (3.1.1)
      declarative (< 0.1.0)
      trailblazer-option (>= 0.1.1, < 0.2.0)
      uber (< 0.2.0)
    retriable (3.1.2)
    rexml (3.2.5)
    ruby-openai (4.1.0)
      faraday (>= 1)
      faraday-multipart (>= 1)
    ruby-progressbar (1.10.1)
    ruby-statistics (2.1.2)
    ruby2_keywords (0.0.2)
    sax-machine (1.3.2)
    signet (0.16.0)
      addressable (~> 2.8)
      faraday (>= 0.17.3, < 2.0)
      jwt (>= 1.5, < 3.0)
      multi_json (~> 1.10)
    sinatra (2.2.1)
      mustermann (~> 1.0)
      rack (~> 2.2)
      rack-protection (= 2.2.1)
      tilt (~> 2.0)
    sinatra-contrib (2.2.1)
      multi_json
      mustermann (~> 1.0)
      rack-protection (= 2.2.1)
      sinatra (= 2.2.1)
      tilt (~> 2.0)
    snaky_hash (2.0.1)
      hashie
      version_gem (~> 1.1, >= 1.1.1)
    stackprof (0.2.16)
    strava-ruby-client (0.4.3)
      activesupport
      faraday (>= 1.0.0)
      faraday_middleware
      hashie
    telegram-bot-ruby (0.11.0)
      faraday
      inflecto
      virtus
    thor (1.0.1)
    thread_safe (0.3.6)
    tilt (2.0.10)
    trailblazer-option (0.1.1)
    tzinfo (2.0.4)
      concurrent-ruby (~> 1.0)
    uber (0.1.0)
    version_gem (1.1.1)
    virtus (1.0.5)
      axiom-types (~> 0.1)
      coercible (~> 1.0)
      descendants_tracker (~> 0.0, >= 0.0.3)
      equalizer (~> 0.0, >= 0.0.9)
    webmock (3.10.0)
      addressable (>= 2.3.6)
      crack (>= 0.3.2)
      hashdiff (>= 0.4.0, < 2.0.0)
    webrick (1.7.0)
    word_wrap (1.0.0)
    zeitwerk (2.4.2)

PLATFORMS
  ruby

DEPENDENCIES
  derailed_benchmarks
  dotenv (~> 2.1.0)
  dry-struct (~> 1.4.0)
  feedjira (~> 3.2.2)
  forecast_io (~> 2.0.1)
  frinkiac!
  geocoder (~> 1.6.1)
  google-api-client (~> 0.53)
  google-cloud-dialogflow-v2 (~> 0.11)
  holidays (~> 8.6)
  httpclient (~> 2.8)
  i18n (~> 1.8.7)
  mail!
  minitest
  minitest-reporters
  mocha
  mock_redis
  nokogiri (~> 1.13)
  nori
  oauth2 (~> 2.0.9)
  puma (~> 4.3.12)
  rack (~> 2.2.3)
  rack-test
  rake
  redis
  ruby-openai (~> 4.1)
  sinatra (~> 2.2.0)
  sinatra-contrib
  stackprof
  strava-ruby-client
  telegram-bot-ruby (~> 0.11.0)
  webmock
  zeitwerk

RUBY VERSION
   ruby 3.1.2p20

BUNDLED WITH
   2.3.25
