GEM
  remote: https://rubygems.org/
  specs:
    addressable (2.4.0)
    airbrussh (1.0.2)
      sshkit (>= 1.6.1, != 1.7.0)
    axiom-types (0.1.1)
      descendants_tracker (~> 0.0.4)
      ice_nine (~> 0.11.0)
      thread_safe (~> 0.3, >= 0.3.1)
    buftok (0.2.0)
    capistrano (3.5.0)
      airbrussh (>= 1.0.0)
      capistrano-harrow
      i18n
      rake (>= 10.0.0)
      sshkit (>= 1.9.0)
    capistrano-bundler (1.1.4)
      capistrano (~> 3.1)
      sshkit (~> 1.2)
    capistrano-harrow (0.5.1)
    capistrano-rvm (0.1.2)
      capistrano (~> 3.0)
      sshkit (~> 1.2)
    chronic (0.10.2)
    coercible (1.0.0)
      descendants_tracker (~> 0.0.1)
    descendants_tracker (0.0.4)
      thread_safe (~> 0.3, >= 0.3.1)
    domain_name (0.5.20160128)
      unf (>= 0.0.5, < 1.0.0)
    dotenv (2.1.0)
    equalizer (0.0.10)
    faraday (0.9.2)
      multipart-post (>= 1.2, < 3)
    google-api-client (0.9.19)
      addressable (~> 2.3)
      googleauth (~> 0.5)
      httpclient (~> 2.7)
      hurley (~> 0.1)
      memoist (~> 0.11)
      mime-types (>= 1.6)
      representable (~> 2.3.0)
      retriable (~> 2.0)
    google-search (1.0.3)
      json
    googleauth (0.5.1)
      faraday (~> 0.9)
      jwt (~> 1.4)
      logging (~> 2.0)
      memoist (~> 0.12)
      multi_json (~> 1.11)
      os (~> 0.9)
      signet (~> 0.7)
    http (1.0.2)
      addressable (~> 2.3)
      http-cookie (~> 1.0)
      http-form_data (~> 1.0.1)
      http_parser.rb (~> 0.6.0)
    http-cookie (1.0.2)
      domain_name (~> 0.5)
    http-form_data (1.0.1)
    http_parser.rb (0.6.0)
    httpclient (2.8.2.4)
    hurley (0.2)
    i18n (0.7.0)
    ice_nine (0.11.2)
    json (1.8.3)
    jwt (1.5.6)
    little-plugger (1.1.4)
    logging (2.1.0)
      little-plugger (~> 1.1)
      multi_json (~> 1.10)
    mail (2.6.3)
      mime-types (>= 1.16, < 3)
    memoist (0.15.0)
    memoizable (0.4.2)
      thread_safe (~> 0.3, >= 0.3.1)
    mime-types (2.99)
    mini_portile2 (2.0.0)
    multi_json (1.12.1)
    multipart-post (2.0.0)
    naught (1.1.0)
    net-scp (1.2.1)
      net-ssh (>= 2.6.5)
    net-ssh (3.1.1)
    nokogiri (1.6.7.2)
      mini_portile2 (~> 2.0.0.rc2)
    os (0.9.6)
    rake (11.1.2)
    representable (2.3.0)
      uber (~> 0.0.7)
    retriable (2.1.0)
    signet (0.7.3)
      addressable (~> 2.3)
      faraday (~> 0.9)
      jwt (~> 1.5)
      multi_json (~> 1.10)
    simple-rss (1.3.1)
    simple_oauth (0.3.1)
    sshkit (1.10.0)
      net-scp (>= 1.1.2)
      net-ssh (>= 2.8.0)
    telegram-bot-ruby (0.5.2)
      faraday
      virtus
    thread_safe (0.3.5)
    twitter (5.16.0)
      addressable (~> 2.3)
      buftok (~> 0.2.0)
      equalizer (= 0.0.10)
      faraday (~> 0.9.0)
      http (~> 1.0)
      http_parser.rb (~> 0.6.0)
      json (~> 1.8)
      memoizable (~> 0.4.0)
      naught (~> 1.0)
      simple_oauth (~> 0.3.0)
    twitter-text (1.13.3)
      unf (~> 0.1.0)
    uber (0.0.15)
    unf (0.1.4)
      unf_ext
    unf_ext (0.0.7.2)
    virtus (1.0.5)
      axiom-types (~> 0.1)
      coercible (~> 1.0)
      descendants_tracker (~> 0.0, >= 0.0.3)
      equalizer (~> 0.0, >= 0.0.9)
    whenever (0.9.4)
      chronic (>= 0.6.3)
    xkcd (1.1.0)
      google-search
      nokogiri (>= 1.5.0)

PLATFORMS
  ruby

DEPENDENCIES
  capistrano (~> 3.5.0)
  capistrano-bundler (~> 1.1.4)
  capistrano-rvm (~> 0.1.2)
  dotenv (~> 2.1.0)
  google-api-client (~> 0.9.11)
  mail (~> 2.6.3)
  simple-rss (~> 1.3, >= 1.3.1)
  telegram-bot-ruby (~> 0.5.0)
  twitter (~> 5.16.0)
  twitter-text (~> 1.13.3)
  whenever (~> 0.9.4)
  xkcd (~> 1.1)

BUNDLED WITH
   1.13.5
